PATH
  remote: .
  specs:
    last-resort (0.0.4)
      gli (~> 1.6)
      oauth (~> 0.4)
      sinatra (~> 1.3)
      thor (~> 0.14)
      twilio-ruby (~> 3.6)

GEM
  remote: http://rubygems.org/
  specs:
    awesome_print (1.0.2)
    builder (3.0.0)
    gli (1.6.0)
    json (1.6.6)
    jwt (0.1.4)
      json (>= 1.2.4)
    multi_json (1.3.2)
    oauth (0.4.5)
    rack (1.4.1)
    rack-protection (1.2.0)
      rack
    sinatra (1.3.2)
      rack (~> 1.3, >= 1.3.6)
      rack-protection (~> 1.2)
      tilt (~> 1.3, >= 1.3.3)
    thor (0.14.6)
    tilt (1.3.3)
    twilio-ruby (3.6.0)
      builder (>= 2.1.2)
      jwt (>= 0.1.2)
      multi_json (>= 1.0.3)

PLATFORMS
  ruby

DEPENDENCIES
  awesome_print
  last-resort!
