PATH
  remote: .
  specs:
    last-resort (0.0.6)
      gli (~> 1.6)
      oauth (~> 0.4)
      sinatra (~> 1.3)
      thor (~> 0.14)
      twilio-ruby (~> 3.6)

GEM
  remote: http://rubygems.org/
  specs:
    addressable (2.2.7)
    awesome_print (1.0.2)
    builder (3.0.0)
    crack (0.3.1)
    diff-lcs (1.1.3)
    gli (1.6.0)
    json (1.6.6)
    jwt (0.1.4)
      json (>= 1.2.4)
    multi_json (1.3.2)
    oauth (0.4.5)
    rack (1.4.1)
    rack-protection (1.2.0)
      rack
    rspec (2.9.0)
      rspec-core (~> 2.9.0)
      rspec-expectations (~> 2.9.0)
      rspec-mocks (~> 2.9.0)
    rspec-core (2.9.0)
    rspec-expectations (2.9.1)
      diff-lcs (~> 1.1.3)
    rspec-mocks (2.9.0)
    sinatra (1.3.2)
      rack (~> 1.3, >= 1.3.6)
      rack-protection (~> 1.2)
      tilt (~> 1.3, >= 1.3.3)
    thor (0.14.6)
    tilt (1.3.3)
    twilio-ruby (3.6.0)
      builder (>= 2.1.2)
      jwt (>= 0.1.2)
      multi_json (>= 1.0.3)
    webmock (1.8.6)
      addressable (>= 2.2.7)
      crack (>= 0.1.7)

PLATFORMS
  ruby

DEPENDENCIES
  awesome_print
  last-resort!
  rspec (~> 2.9.0)
  webmock (~> 1.8.5)
